PATH
  remote: .
  specs:
    remote_cp (0.0.13)
      aws-s3
      minitar
      rake
      thor

GEM
  remote: http://rubygems.org/
  specs:
    aws-s3 (0.6.2)
      builder
      mime-types
      xml-simple
    builder (3.0.0)
    mime-types (1.16)
    minitar (0.5.3)
    rake (0.9.2)
    thor (0.14.6)
    xml-simple (1.1.0)

PLATFORMS
  ruby

DEPENDENCIES
  bundler (~> 1.0)
  remote_cp!
