PATH
  remote: .
  specs:
    remote_cp (0.0.1)

GEM
  remote: http://rubygems.org/
  specs:

PLATFORMS
  ruby

DEPENDENCIES
  remote_cp!
