PATH
  remote: .
  specs:
    remote_cp (0.0.14)
      minitar
      rake
      right_aws
      thor

GEM
  remote: http://rubygems.org/
  specs:
    minitar (0.5.3)
    rake (0.9.2)
    right_aws (2.1.0)
      right_http_connection (>= 1.2.5)
    right_http_connection (1.3.0)
    thor (0.14.6)

PLATFORMS
  ruby

DEPENDENCIES
  bundler (~> 1.0)
  remote_cp!
