PATH
  remote: .
  specs:
    remote_cp (0.1.2)
      minitar (>= 0.6)
      rake
      right_aws
      thor

GEM
  remote: http://rubygems.org/
  specs:
    minitar (0.8)
    rake (12.3.2)
    right_aws (3.1.0)
      right_http_connection (>= 1.2.5)
    right_http_connection (1.5.0)
    thor (0.20.3)

PLATFORMS
  ruby

DEPENDENCIES
  bundler (~> 1.0)
  remote_cp!

BUNDLED WITH
   1.17.2
