PATH
  remote: .
  specs:
    remote_cp (0.0.1)
      aws-s3

GEM
  remote: http://rubygems.org/
  specs:
    aws-s3 (0.6.2)
      builder
      mime-types
      xml-simple
    builder (2.1.2)
    mime-types (1.16)
    xml-simple (1.0.12)

PLATFORMS
  ruby

DEPENDENCIES
  aws-s3
  remote_cp!
